{
	"TaskName": "imagery",
	"Manufacturer": "n/a",
	"PowerLineFrequency": 50.0,
	"SamplingFrequency": 500.0,
	"SoftwareFilters": {
		"preprocessing_steps": {
			"Description": "bandpass filter, notch filter"
		}
	},
	"RecordingDuration": 799.998,
	"RecordingType": "continuous",
	"EEGReference": "n/a",
	"EEGGround": "n/a",
	"EEGPlacementScheme": "10-05 system",
	"EEGChannelCount": 63,
	"EOGChannelCount": 0,
	"ECGChannelCount": 0,
	"EMGChannelCount": 0,
	"TriggerChannelCount": 0,
	"SoftwareVersions": "n/a",
	"HardwareFilters": {
		"Bandpass": {
			"LowCutoffFrequency": 1.0,
			"HighCutoffFrequency": 100.0
		},
		"Notch": {
			"CutoffFrequency": [
				50.0
			]
		}
	},
	"TaskDescription": "[motor_imagery_4_class] online_bci_game Trial duration: 4.0s, imagery: 4.0s.",
	"Instructions": "n/a",
	"CogAtlasID": "https://www.cognitiveatlas.org/task/id/trm_4c8a834779883/",
	"InstitutionName": "Multiple institutions",
	"InstitutionAddress": "GB",
	"InstitutionalDepartmentName": "n/a",
	"CapManufacturer": "n/a",
	"CapManufacturersModelName": "n/a",
	"ManufacturersModelName": "n/a",
	"SubjectArtefactDescription": "n/a",
	"DeviceSerialNumber": "n/a",
	"Description": "Motor Imagery dataset from BEETL Competition - Dataset A. Part of the NeurIPS 2021 BEETL competition focusing on transfer learning for subject independence and heterogeneous EEG datasets.",
	"MISCChannelCount": 0
}